GEM
  remote: https://rubygems.org/
  specs:
    contest (0.1.3)
    dotenv (0.9.0)
    harvested (1.0.1)
      hashie (~> 1)
      httparty
      json
    hashie (1.2.0)
    httparty (0.11.0)
      multi_json (~> 1.0)
      multi_xml (>= 0.5.2)
    json (1.8.1)
    multi_json (1.8.4)
    multi_xml (0.5.5)
    rake (10.1.1)

PLATFORMS
  ruby

DEPENDENCIES
  contest (~> 0.1.3)
  dotenv (~> 0.9.0)
  harvested (~> 1.0.1)
  rake (~> 10.1.0)
