GEM
  remote: https://rubygems.org/
  specs:
    builder (3.2.2)
    contest (0.1.3)
    dotenv (1.0.2)
    harvested (2.0.0)
      hashie (~> 1)
      httparty
      json
    hashie (1.2.0)
    httparty (0.13.1)
      json (~> 1.8)
      multi_xml (>= 0.5.2)
    json (1.8.1)
    jwt (1.0.0)
    multi_json (1.10.1)
    multi_xml (0.5.5)
    rake (10.3.2)
    twilio-ruby (3.14.2)
      builder (>= 2.1.2)
      jwt (~> 1.0.0)
      multi_json (>= 1.3.0)

PLATFORMS
  ruby

DEPENDENCIES
  contest (~> 0.1.3)
  dotenv (~> 1.0.2)
  harvested (~> 2.0.0)
  rake (~> 10.3.2)
  twilio-ruby (~> 3.14.2)
