GEM
  remote: https://rubygems.org/
  specs:
    builder (3.2.2)
    contest (0.1.3)
    dotenv (0.11.1)
      dotenv-deployment (~> 0.0.2)
    dotenv-deployment (0.0.2)
    harvested (2.0.0)
      hashie (~> 1)
      httparty
      json
    hashie (1.2.0)
    httparty (0.13.1)
      json (~> 1.8)
      multi_xml (>= 0.5.2)
    json (1.8.1)
    jwt (0.1.11)
      multi_json (>= 1.5)
    multi_json (1.8.4)
    multi_xml (0.5.5)
    rake (10.3.2)
    twilio-ruby (3.11.5)
      builder (>= 2.1.2)
      jwt (>= 0.1.2)
      multi_json (>= 1.3.0)

PLATFORMS
  ruby

DEPENDENCIES
  contest (~> 0.1.3)
  dotenv (~> 0.11.0)
  harvested (~> 2.0.0)
  rake (~> 10.3.2)
  twilio-ruby (~> 3.11.5)
